PATH
  remote: /Users/si/git/hornet
  specs:
    hornet (2.7.0)
      buildkit (~> 1.1)
      deep_merge (~> 1.1)
      git (~> 1.3)
      hashdiff (~> 1.0.0.beta1)
      hiredis (~> 0.6)
      httparty (~> 0.16)
      net-ssh (~> 4.0)
      pry (~> 0.10)
      rainbow (~> 3.0.0)
      redis (~> 3.3)
      semver2 (~> 3.4)
      slack-notifier (~> 1.5)
      table_print (~> 1.5)
      thor (~> 0.19)

GEM
  remote: https://rubygems.org/
  specs:
    addressable (2.7.0)
      public_suffix (>= 2.0.2, < 5.0)
    buildkit (1.4.1)
      sawyer (~> 0.6)
    coderay (1.1.3)
    deep_merge (1.2.1)
    faraday (1.1.0)
      multipart-post (>= 1.2, < 3)
      ruby2_keywords
    git (1.7.0)
      rchardet (~> 1.8)
    hashdiff (1.0.1)
    hiredis (0.6.3)
    httparty (0.18.1)
      mime-types (~> 3.0)
      multi_xml (>= 0.5.2)
    method_source (1.0.0)
    mime-types (3.3.1)
      mime-types-data (~> 3.2015)
    mime-types-data (3.2020.1104)
    multi_xml (0.6.0)
    multipart-post (2.1.1)
    net-ssh (4.2.0)
    pry (0.13.1)
      coderay (~> 1.1)
      method_source (~> 1.0)
    public_suffix (4.0.6)
    rainbow (3.0.0)
    rchardet (1.8.0)
    redis (3.3.5)
    ruby2_keywords (0.0.2)
    sawyer (0.8.2)
      addressable (>= 2.3.5)
      faraday (> 0.8, < 2.0)
    semver2 (3.4.2)
    slack-notifier (1.5.1)
    table_print (1.5.7)
    thor (0.20.3)

PLATFORMS
  ruby

DEPENDENCIES
  hornet!

BUNDLED WITH
   2.1.4
